GEM
  remote: https://rubygems.org/
  specs:
    addressable (2.3.6)
    archive-zip (0.7.0)
      io-like (~> 0.3.0)
    aws-sdk-v1 (1.55.0)
      json (~> 1.4)
      nokogiri (>= 1.4.4)
    celluloid (0.16.0)
      timers (~> 4.0.0)
    cloudformation-ruby-dsl (0.4.6)
      detabulator
    codeclimate-test-reporter (0.4.2)
      simplecov (>= 0.7.1, < 1.0.0)
    coderay (1.1.0)
    colorize (0.7.3)
    crack (0.4.2)
      safe_yaml (~> 1.0.0)
    detabulator (0.1.0)
    diff-lcs (1.2.5)
    docile (1.1.5)
    fakeweb (1.3.0)
    ffi (1.9.6)
    formatador (0.2.5)
    guard (2.10.1)
      formatador (>= 0.2.4)
      listen (~> 2.7)
      lumberjack (~> 1.0)
      pry (>= 0.9.12)
      thor (>= 0.18.1)
    guard-bundler (2.0.0)
      bundler (~> 1.0)
      guard (~> 2.2)
    guard-rspec (4.3.1)
      guard (~> 2.1)
      rspec (>= 2.14, < 4.0)
    highline (1.6.21)
    hitimes (1.2.2)
    io-like (0.3.0)
    json (1.8.1)
    listen (2.8.3)
      celluloid (>= 0.15.2)
      rb-fsevent (>= 0.9.3)
      rb-inotify (>= 0.9)
    lumberjack (1.0.9)
    method_source (0.8.2)
    mini_portile (0.6.1)
    multi_json (1.10.1)
    multipart-post (2.0.0)
    nokogiri (1.6.5)
      mini_portile (~> 0.6.0)
    pry (0.10.1)
      coderay (~> 1.1.0)
      method_source (~> 0.8.1)
      slop (~> 3.4)
    rake (10.4.0)
    rb-fsevent (0.9.4)
    rb-inotify (0.9.5)
      ffi (>= 0.5.0)
    rspec (3.1.0)
      rspec-core (~> 3.1.0)
      rspec-expectations (~> 3.1.0)
      rspec-mocks (~> 3.1.0)
    rspec-core (3.1.7)
      rspec-support (~> 3.1.0)
    rspec-expectations (3.1.2)
      diff-lcs (>= 1.2.0, < 2.0)
      rspec-support (~> 3.1.0)
    rspec-mocks (3.1.3)
      rspec-support (~> 3.1.0)
    rspec-support (3.1.2)
    safe_yaml (1.0.4)
    simplecov (0.9.1)
      docile (~> 1.1.0)
      multi_json (~> 1.0)
      simplecov-html (~> 0.8.0)
    simplecov-html (0.8.0)
    slackr (0.0.6)
      multipart-post (~> 2.0.0)
    slop (3.6.0)
    thor (0.19.1)
    timers (4.0.1)
      hitimes
    vcr (2.9.3)
    webmock (1.20.4)
      addressable (>= 2.3.6)
      crack (>= 0.3.2)

PLATFORMS
  ruby

DEPENDENCIES
  archive-zip (~> 0.7.0)
  aws-sdk-v1 (~> 1.55.0)
  cloudformation-ruby-dsl (= 0.4.6)
  codeclimate-test-reporter
  colorize
  fakeweb
  guard
  guard-bundler
  guard-rspec
  highline
  json
  rake
  rspec
  slackr (= 0.0.6)
  vcr
  webmock
